GEM
  remote: https://rubygems.org/
  specs:
    Ascii85 (1.0.2)
    addressable (2.5.0)
      public_suffix (~> 2.0, >= 2.0.2)
    afm (0.2.2)
    domainatrix (0.0.11)
      addressable
    hashery (2.1.2)
    law_school_outcomes (1.0.0)
      domainatrix (~> 0.0.11)
      pdf-reader (~> 2.0)
    pdf-reader (2.0.0)
      Ascii85 (~> 1.0.0)
      afm (~> 0.2.1)
      hashery (~> 2.0)
      ruby-rc4
      ttfunk
    public_suffix (2.0.5)
    ruby-rc4 (0.1.5)
    ttfunk (1.5.0)

PLATFORMS
  ruby

DEPENDENCIES
  law_school_outcomes

BUNDLED WITH
   1.13.6
